GIT
  remote: git://github.com/celluloid/celluloid.git
  revision: 05c31512e770e42b2b4b4f2fd5a1016e9c56dbf8
  branch: master
  submodules: true
  specs:
    celluloid (0.17.0)
      bundler
      celluloid-essentials
      celluloid-extras
      celluloid-fsm
      celluloid-pool
      celluloid-supervision
      dotenv
      nenv
      rspec-logsplit (>= 0.1.2)
      timers (~> 4.0.0)

PATH
  remote: .
  specs:
    refrescar (0.0.9)
      celluloid (>= 0.17.0)
      rb-inotify

GEM
  remote: https://rubygems.org/
  specs:
    celluloid-essentials (0.20.1)
      bundler
      dotenv
      nenv
      rspec-logsplit (>= 0.1.2)
      timers (~> 4.0.0)
    celluloid-extras (0.20.0)
      bundler
      dotenv
      nenv
      rspec-logsplit (>= 0.1.2)
      timers (~> 4.0.0)
    celluloid-fsm (0.20.0)
      bundler
      dotenv
      nenv
      rspec-logsplit (>= 0.1.2)
      timers (~> 4.0.0)
    celluloid-pool (0.20.0)
      bundler
      dotenv
      nenv
      rspec-logsplit (>= 0.1.2)
      timers (~> 4.0.0)
    celluloid-supervision (0.20.0)
      bundler
      dotenv
      nenv
      rspec-logsplit (>= 0.1.2)
      timers (~> 4.0.0)
    dotenv (2.0.2)
    ffi (1.9.10-java)
    hitimes (1.2.2-java)
    nenv (0.2.0)
    rb-inotify (0.9.5)
      ffi (>= 0.5.0)
    rspec-logsplit (0.1.3)
    timers (4.0.1)
      hitimes

PLATFORMS
  java

DEPENDENCIES
  celluloid!
  refrescar!

BUNDLED WITH
   1.10.5
